GEM
  remote: https://rubygems.org/
  specs:
    beefcake (1.0.0)
    json (2.1.0)
    mtrc (0.0.4)
    redis (3.1.0)
    riemann-client (0.2.6)
      beefcake (>= 0.3.5, <= 1.0.0)
      mtrc (>= 0.0.4)
      trollop (>= 1.16.2)
    riemann-redis-hybris (0.2.6)
      redis (>= 3.0.2)
      riemann-tools (>= 0.2.1)
    riemann-tools (0.2.11)
      json
      riemann-client (>= 0.2.2)
      trollop (>= 1.16.2)
    trollop (2.1.2)

PLATFORMS
  ruby

DEPENDENCIES
  riemann-redis-hybris (~> 0.2.6)

BUNDLED WITH
   1.15.4
